GEM
  remote: https://rubygems.org/
  specs:
    ast (2.4.2)
    coingecko_ruby (0.4.2)
    parallel (1.20.1)
    parser (3.0.2.0)
      ast (~> 2.4.1)
    pastel (0.8.0)
      tty-color (~> 0.5)
    rainbow (3.0.0)
    regexp_parser (2.1.1)
    rexml (3.2.5)
    rubocop (1.20.0)
      parallel (~> 1.10)
      parser (>= 3.0.0.0)
      rainbow (>= 2.2.2, < 4.0)
      regexp_parser (>= 1.8, < 3.0)
      rexml
      rubocop-ast (>= 1.9.1, < 2.0)
      ruby-progressbar (~> 1.7)
      unicode-display_width (>= 1.4.0, < 3.0)
    rubocop-ast (1.11.0)
      parser (>= 3.0.1.1)
    rubocop-performance (1.11.5)
      rubocop (>= 1.7.0, < 2.0)
      rubocop-ast (>= 0.4.0)
    ruby-progressbar (1.11.0)
    standard (1.3.0)
      rubocop (= 1.20.0)
      rubocop-performance (= 1.11.5)
    tty-color (0.6.0)
    unicode-display_width (2.0.0)

PLATFORMS
  arm64-darwin-20

DEPENDENCIES
  coingecko_ruby
  pastel
  standard

RUBY VERSION
   ruby 3.0.2p107

BUNDLED WITH
   2.2.22
